GEM
  remote: https://rubygems.org/
  specs:
    rake (0.9.2.2)
    whiskey_disk (0.6.24)
      rake

PLATFORMS
  ruby

DEPENDENCIES
  whiskey_disk
